GEM
  remote: https://rubygems.org/
  specs:
    macinbox (4.1.1)

PLATFORMS
  ruby

DEPENDENCIES
  macinbox

RUBY VERSION
   ruby 2.6.3p62

BUNDLED WITH
   1.17.2
